GEM
  remote: http://rubygems.org/
  specs:
    haml (3.1.7)
    kramdown (0.14.2)
    nokogiri (1.5.6-java)
    rack (1.4.4)
    rack-protection (1.3.2)
      rack
    sinatra (1.3.3)
      rack (~> 1.3, >= 1.3.6)
      rack-protection (~> 1.2)
      tilt (~> 1.3, >= 1.3.3)
    tilt (1.3.3)

PLATFORMS
  java

DEPENDENCIES
  haml
  kramdown
  nokogiri
  sinatra
